GEM
  remote: https://rubygems.org/
  specs:
    bson (4.3.0)
    mongo (2.5.3)
      bson (>= 4.3.0, < 5.0.0)

PLATFORMS
  ruby

DEPENDENCIES
  mongo (~> 2.5, >= 2.5.3)

BUNDLED WITH
   1.16.0
